PATH
  remote: .
  specs:
    armlock (0.1.0.pre)

GEM
  remote: https://rubygems.org/
  specs:
    rake (10.5.0)
    rake-compiler (1.0.7)
      rake

PLATFORMS
  ruby

DEPENDENCIES
  armlock!
  bundler (~> 2.0)
  rake (~> 10.0)
  rake-compiler

BUNDLED WITH
   2.0.1
